GEM
  remote: https://rubygems.org/
  specs:
    actionmailer (4.2.9)
      actionpack (= 4.2.9)
      actionview (= 4.2.9)
      activejob (= 4.2.9)
      mail (~> 2.5, >= 2.5.4)
      rails-dom-testing (~> 1.0, >= 1.0.5)
    actionpack (4.2.9)
      actionview (= 4.2.9)
      activesupport (= 4.2.9)
      rack (~> 1.6)
      rack-test (~> 0.6.2)
      rails-dom-testing (~> 1.0, >= 1.0.5)
      rails-html-sanitizer (~> 1.0, >= 1.0.2)
    actionview (4.2.9)
      activesupport (= 4.2.9)
      builder (~> 3.1)
      erubis (~> 2.7.0)
      rails-dom-testing (~> 1.0, >= 1.0.5)
      rails-html-sanitizer (~> 1.0, >= 1.0.3)
    activeadmin (1.1.0)
      arbre (>= 1.1.1)
      coffee-rails
      formtastic (~> 3.1)
      formtastic_i18n
      inherited_resources (~> 1.7)
      jquery-rails
      kaminari (>= 0.15, < 2.0)
      railties (>= 4.2, < 5.2)
      ransack (~> 1.3)
      sass (~> 3.1)
      sprockets (< 4.1)
    activejob (4.2.9)
      activesupport (= 4.2.9)
      globalid (>= 0.3.0)
    activemodel (4.2.9)
      activesupport (= 4.2.9)
      builder (~> 3.1)
    activerecord (4.2.9)
      activemodel (= 4.2.9)
      activesupport (= 4.2.9)
      arel (~> 6.0)
    activesupport (4.2.9)
      i18n (~> 0.7)
      minitest (~> 5.1)
      thread_safe (~> 0.3, >= 0.3.4)
      tzinfo (~> 1.1)
    addressable (2.5.2)
      public_suffix (>= 2.0.2, < 4.0)
    ansi (1.5.0)
    arbre (1.1.1)
      activesupport (>= 3.0.0)
    arel (6.0.4)
    autoprefixer-rails (7.1.4)
      execjs
    bcrypt (3.1.11)
    best_in_place (3.0.3)
      actionpack (>= 3.2)
      railties (>= 3.2)
    binding_of_caller (0.7.2)
      debug_inspector (>= 0.0.1)
    bootstrap-sass (3.3.7)
      autoprefixer-rails (>= 5.2.1)
      sass (>= 3.3.4)
    builder (3.2.3)
    bullet (5.6.1)
      activesupport (>= 3.0.0)
      uniform_notifier (~> 1.10.0)
    byebug (9.1.0)
    carrierwave (1.1.0)
      activemodel (>= 4.0.0)
      activesupport (>= 4.0.0)
      mime-types (>= 1.16)
    chartkick (2.2.4)
    chronic (0.10.2)
    coderay (1.1.2)
    coffee-rails (4.1.1)
      coffee-script (>= 2.2.0)
      railties (>= 4.0.0, < 5.1.x)
    coffee-script (2.4.1)
      coffee-script-source
      execjs
    coffee-script-source (1.12.2)
    combine_pdf (1.0.7)
      ruby-rc4 (>= 0.1.5)
    concurrent-ruby (1.0.5)
    connection_pool (2.2.1)
    debug_inspector (0.0.3)
    devise (4.3.0)
      bcrypt (~> 3.0)
      orm_adapter (~> 0.1)
      railties (>= 4.1.0, < 5.2)
      responders
      warden (~> 1.2.3)
    dotenv (2.2.1)
    dotenv-rails (2.2.1)
      dotenv (= 2.2.1)
      railties (>= 3.2, < 5.2)
    erubis (2.7.0)
    excon (0.59.0)
    execjs (2.7.0)
    ffi (1.9.18)
    fog-aws (1.4.1)
      fog-core (~> 1.38)
      fog-json (~> 1.0)
      fog-xml (~> 0.1)
      ipaddress (~> 0.8)
    fog-core (1.45.0)
      builder
      excon (~> 0.58)
      formatador (~> 0.2)
    fog-json (1.0.2)
      fog-core (~> 1.0)
      multi_json (~> 1.10)
    fog-xml (0.1.3)
      fog-core
      nokogiri (>= 1.5.11, < 2.0.0)
    formatador (0.2.5)
    formtastic (3.1.5)
      actionpack (>= 3.2.13)
    formtastic_i18n (0.6.0)
    geocoder (1.4.4)
    get_process_mem (0.2.1)
    globalid (0.4.0)
      activesupport (>= 4.2.0)
    groupdate (3.2.0)
      activesupport (>= 3)
    has_scope (0.7.1)
      actionpack (>= 4.1, < 5.2)
      activesupport (>= 4.1, < 5.2)
    honeybadger (3.1.2)
    httparty (0.15.6)
      multi_xml (>= 0.5.2)
    i18n (0.8.6)
    inherited_resources (1.7.2)
      actionpack (>= 3.2, < 5.2.x)
      has_scope (~> 0.6)
      railties (>= 3.2, < 5.2.x)
      responders
    ipaddress (0.8.3)
    jbuilder (2.7.0)
      activesupport (>= 4.2.0)
      multi_json (>= 1.2)
    jquery-atwho-rails (1.3.2)
    jquery-rails (4.3.1)
      rails-dom-testing (>= 1, < 3)
      railties (>= 4.2.0)
      thor (>= 0.14, < 2.0)
    jquery-ui-rails (6.0.1)
      railties (>= 3.2.16)
    json (1.8.6)
    kaminari (1.0.1)
      activesupport (>= 4.1.0)
      kaminari-actionview (= 1.0.1)
      kaminari-activerecord (= 1.0.1)
      kaminari-core (= 1.0.1)
    kaminari-actionview (1.0.1)
      actionview
      kaminari-core (= 1.0.1)
    kaminari-activerecord (1.0.1)
      activerecord
      kaminari-core (= 1.0.1)
    kaminari-core (1.0.1)
    kgio (2.11.0)
    launchy (2.4.3)
      addressable (~> 2.3)
    letter_opener (1.4.1)
      launchy (~> 2.2)
    letter_opener_web (1.3.1)
      actionmailer (>= 3.2)
      letter_opener (~> 1.0)
      railties (>= 3.2)
    loofah (2.0.3)
      nokogiri (>= 1.5.9)
    mail (2.6.6)
      mime-types (>= 1.16, < 4)
    marginalia (1.4.0)
      actionpack (>= 2.3)
      activerecord (>= 2.3)
    memory_profiler (0.9.8)
    method_source (0.8.2)
    mime-types (3.1)
      mime-types-data (~> 3.2015)
    mime-types-data (3.2016.0521)
    mini_portile2 (2.2.0)
    minitest (5.10.3)
    minitest-reporters (1.1.18)
      ansi
      builder
      minitest (>= 5.0)
      ruby-progressbar
    multi_json (1.12.2)
    multi_xml (0.6.0)
    nokogiri (1.8.0)
      mini_portile2 (~> 2.2.0)
    orm_adapter (0.5.0)
    pdf-core (0.7.0)
    pg (0.21.0)
    pg_search (2.1.0)
      activerecord (>= 4.2)
      activesupport (>= 4.2)
      arel (>= 6)
    polyamorous (1.3.1)
      activerecord (>= 3.0)
    prawn (2.2.2)
      pdf-core (~> 0.7.0)
      ttfunk (~> 1.5)
    pry (0.10.4)
      coderay (~> 1.1.0)
      method_source (~> 0.8.1)
      slop (~> 3.4)
    public_activity (1.5.0)
      actionpack (>= 3.0.0)
      activerecord (>= 3.0)
      i18n (>= 0.5.0)
      railties (>= 3.0.0)
    public_suffix (3.0.0)
    pundit (1.1.0)
      activesupport (>= 3.0.0)
    rack (1.6.8)
    rack-mini-profiler (0.10.5)
      rack (>= 1.2.0)
    rack-protection (2.0.0)
      rack
    rack-test (0.6.3)
      rack (>= 1.0)
    rails (4.2.9)
      actionmailer (= 4.2.9)
      actionpack (= 4.2.9)
      actionview (= 4.2.9)
      activejob (= 4.2.9)
      activemodel (= 4.2.9)
      activerecord (= 4.2.9)
      activesupport (= 4.2.9)
      bundler (>= 1.3.0, < 2.0)
      railties (= 4.2.9)
      sprockets-rails
    rails-deprecated_sanitizer (1.0.3)
      activesupport (>= 4.2.0.alpha)
    rails-dom-testing (1.0.8)
      activesupport (>= 4.2.0.beta, < 5.0)
      nokogiri (~> 1.6)
      rails-deprecated_sanitizer (>= 1.0.1)
    rails-html-sanitizer (1.0.3)
      loofah (~> 2.0)
    rails_12factor (0.0.3)
      rails_serve_static_assets
      rails_stdout_logging
    rails_serve_static_assets (0.0.5)
    rails_stdout_logging (0.0.5)
    railties (4.2.9)
      actionpack (= 4.2.9)
      activesupport (= 4.2.9)
      rake (>= 0.8.7)
      thor (>= 0.18.1, < 2.0)
    raindrops (0.19.0)
    rake (12.1.0)
    ransack (1.8.3)
      actionpack (>= 3.0)
      activerecord (>= 3.0)
      activesupport (>= 3.0)
      i18n
      polyamorous (~> 1.3)
    rb-fsevent (0.10.2)
    rb-inotify (0.9.10)
      ffi (>= 0.5.0, < 2)
    rdoc (4.3.0)
    redis (3.3.3)
    responders (2.4.0)
      actionpack (>= 4.2.0, < 5.3)
      railties (>= 4.2.0, < 5.3)
    ruby-progressbar (1.8.3)
    ruby-rc4 (0.1.5)
    sass (3.5.1)
      sass-listen (~> 4.0.0)
    sass-listen (4.0.0)
      rb-fsevent (~> 0.9, >= 0.9.4)
      rb-inotify (~> 0.9, >= 0.9.7)
    sass-rails (5.0.6)
      railties (>= 4.0.0, < 6)
      sass (~> 3.1)
      sprockets (>= 2.8, < 4.0)
      sprockets-rails (>= 2.0, < 4.0)
      tilt (>= 1.1, < 3)
    sdoc (0.4.2)
      json (~> 1.7, >= 1.7.7)
      rdoc (~> 4.0)
    seed_migration (1.2.3)
    select2-rails (4.0.3)
      thor (~> 0.14)
    sidekiq (5.0.4)
      concurrent-ruby (~> 1.0)
      connection_pool (~> 2.2, >= 2.2.0)
      rack-protection (>= 1.5.0)
      redis (~> 3.3, >= 3.3.3)
    simple_form (3.5.0)
      actionpack (> 4, < 5.2)
      activemodel (> 4, < 5.2)
    single_test (0.6.0)
      rake
    slop (3.6.0)
    spring (2.0.2)
      activesupport (>= 4.2)
    sprockets (3.7.1)
      concurrent-ruby (~> 1.0)
      rack (> 1, < 3)
    sprockets-rails (3.2.1)
      actionpack (>= 4.0)
      activesupport (>= 4.0)
      sprockets (>= 3.0.0)
    thor (0.20.0)
    thread_safe (0.3.6)
    tilt (2.0.8)
    ttfunk (1.5.1)
    tzinfo (1.2.3)
      thread_safe (~> 0.1)
    uglifier (3.2.0)
      execjs (>= 0.3.0, < 3)
    unicorn (5.3.0)
      kgio (~> 2.6)
      raindrops (~> 0.7)
    unicorn-worker-killer (0.4.4)
      get_process_mem (~> 0)
      unicorn (>= 4, < 6)
    uniform_notifier (1.10.0)
    warden (1.2.7)
      rack (>= 1.0)
    web-console (2.3.0)
      activemodel (>= 4.0)
      binding_of_caller (>= 0.7.2)
      railties (>= 4.0)
      sprockets-rails (>= 2.0, < 4.0)
    whenever (0.9.7)
      chronic (>= 0.6.3)

PLATFORMS
  ruby

DEPENDENCIES
  activeadmin (~> 1.1)
  best_in_place (~> 3.0.1)
  bootstrap-sass (~> 3.3)
  bullet
  byebug
  carrierwave (~> 1.0)
  chartkick
  coffee-rails (~> 4.1.0)
  combine_pdf
  devise
  dotenv-rails
  fog-aws
  geocoder
  groupdate
  honeybadger (~> 3.1)
  httparty
  jbuilder (~> 2.0)
  jquery-atwho-rails
  jquery-rails
  jquery-ui-rails
  kaminari
  letter_opener_web
  marginalia
  memory_profiler
  minitest-reporters
  pg (~> 0.20)
  pg_search
  prawn
  pry
  public_activity
  pundit
  rack-mini-profiler
  rails (~> 4.2)
  rails_12factor
  ransack
  sass-rails (~> 5.0)
  sdoc (~> 0.4.0)
  seed_migration
  select2-rails
  sidekiq
  simple_form
  single_test
  spring
  uglifier (>= 1.3.0)
  unicorn
  unicorn-worker-killer
  web-console (~> 2.0)
  whenever

RUBY VERSION
   ruby 2.4.2p198

BUNDLED WITH
   1.15.4
